GEM
  specs:
    pg (0.18.3)
    rails_12factor (0.0.3)
      rails_serve_static_assets
      rails_stdout_logging
    rails_serve_static_assets (0.0.4)
    rails_stdout_logging (0.0.4)
    sqlite3 (1.3.11)

PLATFORMS
  ruby

DEPENDENCIES
  pg
  rails_12factor
  sqlite3

BUNDLED WITH
   1.10.6
